GEM
  remote: https://rubygems.org/
  specs:
    ast (2.2.0)
    astrolabe (1.3.1)
      parser (~> 2.2)
    parser (2.3.0.6)
      ast (~> 2.2)
    powerpack (0.0.9)
    rainbow (2.1.0)
    reevoocop (0.0.8)
      rubocop (= 0.28.0)
    rubocop (0.28.0)
      astrolabe (~> 1.3)
      parser (>= 2.2.0.pre.7, < 3.0)
      powerpack (~> 0.0.6)
      rainbow (>= 1.99.1, < 3.0)
      ruby-progressbar (~> 1.4)
    ruby-progressbar (1.7.5)

PLATFORMS
  ruby

DEPENDENCIES
  reevoocop

BUNDLED WITH
   1.11.2
